GEM
  remote: https://rubygems.org/
  specs:
    adsf (1.2.0)
      rack (>= 1.0.0)
    builder (3.2.2)
    chunky_png (1.3.5)
    coderay (1.1.0)
    colored (1.2)
    compass (1.0.3)
      chunky_png (~> 1.2)
      compass-core (~> 1.0.2)
      compass-import-once (~> 1.0.5)
      rb-fsevent (>= 0.9.3)
      rb-inotify (>= 0.9)
      sass (>= 3.3.13, < 3.5)
    compass-core (1.0.3)
      multi_json (~> 1.0)
      sass (>= 3.3.0, < 3.5)
    compass-import-once (1.0.5)
      sass (>= 3.2, < 3.5)
    cri (2.7.0)
      colored (~> 1.2)
    ethon (0.8.1)
      ffi (>= 1.3.0)
    ffi (1.13.1)
    formatador (0.2.5)
    fssm (0.2.10)
    guard (2.13.0)
      formatador (>= 0.2.4)
      listen (>= 2.7, <= 4.0)
      lumberjack (~> 1.0)
      nenv (~> 0.1)
      notiffany (~> 0.0)
      pry (>= 0.9.12)
      shellany (~> 0.0)
      thor (>= 0.18.1)
    guard-nanoc (1.0.3)
      guard (~> 2.8)
      nanoc (~> 3.6)
    haml (5.0.0)
      temple (>= 0.8.0)
      tilt
    listen (3.0.5)
      rb-fsevent (>= 0.9.3)
      rb-inotify (>= 0.9)
    lumberjack (1.0.10)
    method_source (0.8.2)
    mime-types (3.0)
      mime-types-data (~> 3.2015)
    mime-types-data (3.2015.1120)
    mini_portile2 (2.5.1)
    multi_json (1.11.2)
    nanoc (3.8.0)
      cri (~> 2.3)
    nenv (0.2.0)
    nokogiri (1.11.4)
      mini_portile2 (~> 2.5.0)
      racc (~> 1.4)
    notiffany (0.0.8)
      nenv (~> 0.1)
      shellany (~> 0.0)
    pry (0.10.3)
      coderay (~> 1.1.0)
      method_source (~> 0.8.1)
      slop (~> 3.4)
    racc (1.5.2)
    rack (2.1.4)
    rake (12.3.3)
    rb-fsevent (0.9.7)
    rb-inotify (0.9.5)
      ffi (>= 0.5.0)
    rdiscount (2.1.8)
    sass (3.4.21)
    shellany (0.0.1)
    slop (3.6.0)
    temple (0.8.2)
    thor (0.19.1)
    tilt (2.0.10)
    typhoeus (1.0.1)
      ethon (>= 0.8.0)

PLATFORMS
  ruby

DEPENDENCIES
  adsf
  builder
  chunky_png
  compass
  cri
  fssm
  guard-nanoc
  haml
  mime-types
  nanoc (>= 3.7.4, < 4)
  nokogiri
  pry
  rack
  rake
  rdiscount
  sass
  typhoeus
